GEM
  remote: https://rubygems.org/
  specs:
    addressable (2.3.4)
    archive-tar-minitar (0.5.2)
    childprocess (0.3.9)
      ffi (~> 1.0, >= 1.0.11)
    coderay (1.0.9)
    crack (0.4.0)
      safe_yaml (~> 0.9.0)
    erubis (2.7.0)
    fakeweb (1.3.0)
    faraday (0.8.7)
      multipart-post (~> 1.1)
    ffi (1.8.1)
    i18n (0.6.4)
    json (1.7.7)
    kgio (2.8.0)
    log4r (1.1.10)
    method_source (0.8.1)
    multi_json (1.7.3)
    multipart-post (1.2.0)
    net-http-persistent (2.8)
    net-scp (1.0.4)
      net-ssh (>= 1.99.1)
    net-ssh (2.2.2)
    oj (2.0.13)
    pry (0.9.12.2)
      coderay (~> 1.0.5)
      method_source (~> 0.8)
      slop (~> 3.4)
    puma (2.0.1)
      rack (>= 1.1, < 2.0)
    rack (1.5.2)
    rack-protection (1.5.0)
      rack
    rack-test (0.6.2)
      rack (>= 1.0)
    raindrops (0.11.0)
    safe_yaml (0.9.3)
    shotgun (0.9)
      rack (>= 1.0)
    sinatra (1.4.2)
      rack (~> 1.5, >= 1.5.2)
      rack-protection (~> 1.4)
      tilt (~> 1.3, >= 1.3.4)
    slim (1.3.9)
      temple (~> 0.6.3)
      tilt (~> 1.3, >= 1.3.3)
    slop (3.4.5)
    temple (0.6.5)
    tilt (1.4.1)
    unicorn (4.6.2)
      kgio (~> 2.6)
      rack
      raindrops (~> 0.7)
    vagrant (1.0.7)
      archive-tar-minitar (= 0.5.2)
      childprocess (~> 0.3.1)
      erubis (~> 2.7.0)
      i18n (~> 0.6.0)
      json (>= 1.5.1, < 1.8.0)
      log4r (~> 1.1.9)
      net-scp (~> 1.0.4)
      net-ssh (~> 2.2.2)
    vcr (2.5.0)
    webmock (1.11.0)
      addressable (>= 2.2.7)
      crack (>= 0.3.2)

PLATFORMS
  ruby

DEPENDENCIES
  fakeweb
  faraday
  multi_json
  net-http-persistent
  oj
  pry
  puma
  rack-test
  shotgun
  sinatra
  slim
  unicorn
  vagrant
  vcr
  webmock
